PATH
  remote: .
  specs:
    xcfit (4.0.6)
      thor (~> 0.17.0)

GEM
  remote: https://rubygems.org/
  specs:
    rake (13.0.1)
    thor (0.17.0)

PLATFORMS
  ruby

DEPENDENCIES
  bundler (~> 1.12)
  rake (~> 13.0)
  xcfit!

BUNDLED WITH
   1.13.7
